GEM
  remote: https://gems.sendgrid.net/
  specs:
    daemons (1.2.3)
    envlock (1.1.0)
      redis (~> 3.2)
    eventmachine (1.0.9.1)
    rack (1.6.4)
    rack-protection (1.5.3)
      rack
    redis (3.2.2)
    sinatra (1.4.7)
      rack (~> 1.5)
      rack-protection (~> 1.4)
      tilt (>= 1.3, < 3)
    thin (1.6.4)
      daemons (~> 1.0, >= 1.0.9)
      eventmachine (~> 1.0, >= 1.0.4)
      rack (~> 1.0)
    tilt (2.0.2)

PLATFORMS
  ruby

DEPENDENCIES
  envlock
  sinatra
  thin

BUNDLED WITH
   1.10.6
